GEM
  remote: https://rubygems.org/
  specs:
    archive-tar-minitar (0.5.2)
    celluloid (0.15.2)
      timers (~> 1.1.0)
    connection_pool (2.0.0)
    diff-lcs (1.2.5)
    docile (1.1.5)
    docker-api (1.13.2)
      archive-tar-minitar
      excon (>= 0.38.0)
      json
    dotenv (0.11.1)
      dotenv-deployment (~> 0.0.2)
    dotenv-deployment (0.0.2)
    excon (0.39.5)
    foreman (0.75.0)
      dotenv (~> 0.11.1)
      thor (~> 0.19.1)
    json (1.8.1)
    multi_json (1.10.1)
    redis (3.1.0)
    redis-namespace (1.5.1)
      redis (~> 3.0, >= 3.0.4)
    rspec (3.1.0)
      rspec-core (~> 3.1.0)
      rspec-expectations (~> 3.1.0)
      rspec-mocks (~> 3.1.0)
    rspec-core (3.1.1)
      rspec-support (~> 3.1.0)
    rspec-expectations (3.1.0)
      diff-lcs (>= 1.2.0, < 2.0)
      rspec-support (~> 3.1.0)
    rspec-mocks (3.1.0)
      rspec-support (~> 3.1.0)
    rspec-support (3.1.0)
    sidekiq (3.2.3)
      celluloid (>= 0.15.2)
      connection_pool (>= 2.0.0)
      json
      redis (>= 3.0.6)
      redis-namespace (>= 1.3.1)
    simplecov (0.9.0)
      docile (~> 1.1.0)
      multi_json
      simplecov-html (~> 0.8.0)
    simplecov-html (0.8.0)
    thor (0.19.1)
    timers (1.1.0)

PLATFORMS
  ruby

DEPENDENCIES
  docker-api (= 1.13.2)
  dotenv (= 0.11.1)
  foreman (= 0.75.0)
  redis (= 3.1.0)
  rspec
  sidekiq (= 3.2.3)
  simplecov
